GIT
  remote: https://github.com/4nt1/capistrano_pm2
  revision: 3ea7b660dba3c39d04682a88a6d783a047437e53
  branch: master
  specs:
    capistrano_pm2 (0.0.4)
      capistrano (~> 3.0, >= 3.0.0)

GEM
  remote: https://rubygems.org/
  specs:
    byebug (6.0.2)
    capistrano (3.4.0)
      i18n
      rake (>= 10.0.0)
      sshkit (~> 1.3)
    capistrano-bundler (1.1.4)
      capistrano (~> 3.1)
      sshkit (~> 1.2)
    capistrano-npm (1.0.1)
      capistrano (>= 3.0.0)
    colorize (0.7.7)
    i18n (0.7.0)
    net-scp (1.2.1)
      net-ssh (>= 2.6.5)
    net-ssh (2.9.2)
    rake (10.4.2)
    sshkit (1.7.1)
      colorize (>= 0.7.0)
      net-scp (>= 1.1.2)
      net-ssh (>= 2.8.0)

PLATFORMS
  ruby

DEPENDENCIES
  byebug
  capistrano (~> 3.4.0)
  capistrano-bundler
  capistrano-npm
  capistrano_pm2!
